PATH
  remote: .
  specs:
    infora-event-store (0.0.1a)
      sequel

GEM
  remote: http://rubygems.org/
  specs:
    diff-lcs (1.1.3)
    log4r (1.1.10)
    rspec (2.11.0)
      rspec-core (~> 2.11.0)
      rspec-expectations (~> 2.11.0)
      rspec-mocks (~> 2.11.0)
    rspec-core (2.11.1)
    rspec-expectations (2.11.1)
      diff-lcs (~> 1.1.3)
    rspec-mocks (2.11.1)
    sequel (3.38.0)
    sqlite3 (1.3.6)

PLATFORMS
  ruby

DEPENDENCIES
  infora-event-store!
  log4r
  rspec
  sqlite3
